PATH
  remote: .
  specs:
    sdr-client (0.90.0)
      activesupport
      cocina-models (~> 0.83.0)
      dry-monads
      faraday (>= 0.16)

GEM
  remote: https://rubygems.org/
  specs:
    activesupport (7.0.3.1)
      concurrent-ruby (~> 1.0, >= 1.0.2)
      i18n (>= 1.6, < 2)
      minitest (>= 5.1)
      tzinfo (~> 2.0)
    addressable (2.8.0)
      public_suffix (>= 2.0.2, < 5.0)
    ast (2.4.2)
    attr_extras (6.2.5)
    byebug (11.1.3)
    cocina-models (0.83.0)
      activesupport
      deprecation
      dry-struct (~> 1.0)
      dry-types (~> 1.1)
      edtf
      equivalent-xml
      jsonpath
      nokogiri
      openapi3_parser
      openapi_parser (>= 0.11.1, < 1.0)
      rss
      super_diff
      thor
      zeitwerk (~> 2.1)
    commonmarker (0.23.5)
    concurrent-ruby (1.1.10)
    crack (0.4.5)
      rexml
    deprecation (1.1.0)
      activesupport
    diff-lcs (1.5.0)
    docile (1.4.0)
    dry-container (0.10.1)
      concurrent-ruby (~> 1.0)
    dry-core (0.8.1)
      concurrent-ruby (~> 1.0)
    dry-inflector (0.3.0)
    dry-logic (1.2.0)
      concurrent-ruby (~> 1.0)
      dry-core (~> 0.5, >= 0.5)
    dry-monads (1.4.0)
      concurrent-ruby (~> 1.0)
      dry-core (~> 0.7)
    dry-struct (1.4.0)
      dry-core (~> 0.5, >= 0.5)
      dry-types (~> 1.5)
      ice_nine (~> 0.11)
    dry-types (1.5.1)
      concurrent-ruby (~> 1.0)
      dry-container (~> 0.3)
      dry-core (~> 0.5, >= 0.5)
      dry-inflector (~> 0.1, >= 0.1.2)
      dry-logic (~> 1.0, >= 1.0.2)
    edtf (3.1.0)
      activesupport (>= 3.0, < 8.0)
    equivalent-xml (0.6.0)
      nokogiri (>= 1.4.3)
    faraday (2.4.0)
      faraday-net_http (~> 2.0)
      ruby2_keywords (>= 0.0.4)
    faraday-net_http (2.1.0)
    hashdiff (1.0.1)
    i18n (1.12.0)
      concurrent-ruby (~> 1.0)
    ice_nine (0.11.2)
    json (2.6.2)
    jsonpath (1.1.2)
      multi_json
    minitest (5.16.2)
    multi_json (1.15.0)
    nokogiri (1.13.8-x86_64-darwin)
      racc (~> 1.4)
    nokogiri (1.13.8-x86_64-linux)
      racc (~> 1.4)
    openapi3_parser (0.9.2)
      commonmarker (~> 0.17)
    openapi_parser (0.15.0)
    optimist (3.0.1)
    parallel (1.22.1)
    parser (3.1.2.0)
      ast (~> 2.4.1)
    patience_diff (1.2.0)
      optimist (~> 3.0)
    public_suffix (4.0.7)
    racc (1.6.0)
    rainbow (3.1.1)
    rake (13.0.6)
    regexp_parser (2.5.0)
    rexml (3.2.5)
    rspec (3.11.0)
      rspec-core (~> 3.11.0)
      rspec-expectations (~> 3.11.0)
      rspec-mocks (~> 3.11.0)
    rspec-core (3.11.0)
      rspec-support (~> 3.11.0)
    rspec-expectations (3.11.0)
      diff-lcs (>= 1.2.0, < 2.0)
      rspec-support (~> 3.11.0)
    rspec-mocks (3.11.1)
      diff-lcs (>= 1.2.0, < 2.0)
      rspec-support (~> 3.11.0)
    rspec-support (3.11.0)
    rspec_junit_formatter (0.5.1)
      rspec-core (>= 2, < 4, != 2.12.0)
    rss (0.2.9)
      rexml
    rubocop (1.33.0)
      json (~> 2.3)
      parallel (~> 1.10)
      parser (>= 3.1.0.0)
      rainbow (>= 2.2.2, < 4.0)
      regexp_parser (>= 1.8, < 3.0)
      rexml (>= 3.2.5, < 4.0)
      rubocop-ast (>= 1.19.1, < 2.0)
      ruby-progressbar (~> 1.7)
      unicode-display_width (>= 1.4.0, < 3.0)
    rubocop-ast (1.20.1)
      parser (>= 3.1.1.0)
    rubocop-rake (0.6.0)
      rubocop (~> 1.0)
    rubocop-rspec (2.12.1)
      rubocop (~> 1.31)
    ruby-progressbar (1.11.0)
    ruby2_keywords (0.0.5)
    simplecov (0.21.2)
      docile (~> 1.1)
      simplecov-html (~> 0.11)
      simplecov_json_formatter (~> 0.1)
    simplecov-html (0.12.3)
    simplecov_json_formatter (0.1.4)
    super_diff (0.9.0)
      attr_extras (>= 6.2.4)
      diff-lcs
      patience_diff
    thor (1.2.1)
    tzinfo (2.0.5)
      concurrent-ruby (~> 1.0)
    unicode-display_width (2.2.0)
    webmock (3.17.0)
      addressable (>= 2.8.0)
      crack (>= 0.3.2)
      hashdiff (>= 0.4.0, < 2.0.0)
    zeitwerk (2.6.0)

PLATFORMS
  x86_64-darwin-21
  x86_64-linux

DEPENDENCIES
  bundler (~> 2.0)
  byebug
  rake (~> 13.0)
  rspec (~> 3.0)
  rspec_junit_formatter
  rubocop (~> 1.24)
  rubocop-rake
  rubocop-rspec (~> 2.1)
  sdr-client!
  simplecov
  thor
  webmock (~> 3.7)

BUNDLED WITH
   2.3.17
